GEM
  remote: https://rubygems.org/
  specs:
    directory_watcher (1.4.1)
    kramdown (2.3.0)
      rexml
    mini_portile2 (2.5.0)
    nokogiri (1.11.1)
      mini_portile2 (~> 2.5.0)
      racc (~> 1.4)
    racc (1.5.2)
    rexml (3.2.4)
    slop (3.3.2)
    stasis (0.2.0)
      directory_watcher (= 1.4.1)
      slop (= 3.3.2)
      tilt (= 1.3.3)
    tilt (1.3.3)

PLATFORMS
  ruby

DEPENDENCIES
  kramdown (~> 2.3.0)
  nokogiri (~> 1.11.1)
  stasis (~> 0.2.0)

BUNDLED WITH
   2.1.2
