GEM
  remote: http://rubygems.org/
  specs:
    mina (0.2.1)
      open4
      rake
    open4 (1.3.0)
    rake (0.9.2.2)

PLATFORMS
  ruby

DEPENDENCIES
  mina
